GEM
  remote: https://rubygems.org/
  specs:
    RubyInline (3.12.5)
      ZenTest (~> 4.3)
    ZenTest (4.12.0)
    byebug (11.1.3)
    fuzzy-string-match (1.0.1)
      RubyInline (>= 3.8.6)
    json (2.3.1)
    sqlite3 (1.4.2)

PLATFORMS
  ruby

DEPENDENCIES
  byebug
  fuzzy-string-match
  json
  sqlite3

BUNDLED WITH
   2.1.4
